GEM
  remote: http://rubygems.org/
  specs:
    activemodel (4.0.0)
      activesupport (= 4.0.0)
      builder (~> 3.1.0)
    activerecord (4.0.0)
      activemodel (= 4.0.0)
      activerecord-deprecated_finders (~> 1.0.2)
      activesupport (= 4.0.0)
      arel (~> 4.0.0)
    activerecord-deprecated_finders (1.0.3)
    activerecord-jdbc-adapter (1.3.0)
      activerecord (>= 2.2)
    activesupport (4.0.0)
      i18n (~> 0.6, >= 0.6.4)
      minitest (~> 4.2)
      multi_json (~> 1.3)
      thread_safe (~> 0.1)
      tzinfo (~> 0.3.37)
    arel (4.0.0)
    atomic (1.1.13)
    atomic (1.1.13-java)
    builder (3.1.4)
    fakefs (0.4.0)
    foreigner (1.2.1)
      activerecord (>= 3.0.0)
    i18n (0.6.5)
    jdbc-postgres (9.2.1002.1)
    metaclass (0.0.1)
    minitest (4.7.5)
    mocha (0.12.2)
      metaclass (~> 0.0.1)
    multi_json (1.7.9)
    nokogiri (1.5.6)
    nokogiri (1.5.6-java)
    pg (0.16.0)
    rake (0.9.3)
    thread_safe (0.1.2)
      atomic
    thread_safe (0.1.2-java)
      atomic
    tzinfo (0.3.37)

PLATFORMS
  java
  ruby

DEPENDENCIES
  activerecord (= 4.0.0)
  activerecord-jdbc-adapter
  fakefs (= 0.4.0)
  foreigner (= 1.2.1)
  jdbc-postgres
  mocha (= 0.12.2)
  nokogiri (= 1.5.6)
  pg (= 0.16.0)
  rake (= 0.9.3)
